GEM
  remote: https://rubygems.org/
  specs:
    addressable (2.4.0)
    builder (3.2.2)
    coderay (1.1.2)
    domain_name (0.5.20160310)
      unf (>= 0.0.5, < 1.0.0)
    faker (1.6.3)
      i18n (~> 0.5)
    ffi (1.12.2-java)
    highline (1.7.8)
    http (2.0.1)
      addressable (~> 2.3)
      http-cookie (~> 1.0)
      http-form_data (~> 1.0.1)
      http_parser.rb (~> 0.6.0)
    http-cookie (1.0.2)
      domain_name (~> 0.5)
    http-form_data (1.0.1)
    http_parser.rb (0.6.0)
    http_parser.rb (0.6.0-java)
    i18n (0.7.0)
    json (2.1.0)
    json (2.1.0-java)
    lumberjack (1.0.10)
    method_source (0.9.2)
    pry (0.12.2)
      coderay (~> 1.1.0)
      method_source (~> 0.9.0)
    pry (0.12.2-java)
      coderay (~> 1.1.0)
      method_source (~> 0.9.0)
      spoon (~> 0.0)
    rack (1.6.4)
    rsolr (1.1.1)
      builder (>= 2.1.2)
    spoon (0.0.6)
      ffi
    unf (0.1.4)
      unf_ext
    unf (0.1.4-java)
    unf_ext (0.0.7.6)
    xml-simple (1.1.5)

PLATFORMS
  java
  ruby

DEPENDENCIES
  faker
  highline
  http
  json
  lumberjack
  pry (~> 0.12)
  rack
  rsolr
  xml-simple

BUNDLED WITH
   2.1.4
